GEM
  remote: https://rubygems.org/
  specs:
    mustermann (1.0.1)
    puma (3.11.2)
    rack (2.2.6.4)
    rack-protection (2.0.0)
      rack
    sinatra (2.0.0)
      mustermann (~> 1.0)
      rack (~> 2.0)
      rack-protection (= 2.0.0)
      tilt (~> 2.0)
    tilt (2.0.8)

PLATFORMS
  ruby

DEPENDENCIES
  puma
  sinatra
