GEM
  remote: https://rubygems.org/
  specs:
    mustermann (1.0.3)
    puma (3.12.1)
    rack (2.2.8.1)
    rack-protection (2.0.5)
      rack
    sinatra (2.0.5)
      mustermann (~> 1.0)
      rack (~> 2.0)
      rack-protection (= 2.0.5)
      tilt (~> 2.0)
    tilt (2.0.9)

PLATFORMS
  ruby

DEPENDENCIES
  puma
  sinatra

BUNDLED WITH
   1.16.1
